GEM
  remote: http://rubygems.org/
  specs:
    activesupport (3.1.2)
      multi_json (~> 1.0)
    addressable (2.2.6)
    bson (1.4.0)
    daemons (1.1.4)
    eventmachine (0.12.10)
    faraday (0.7.5)
      addressable (~> 2.2.6)
      multipart-post (~> 1.1.3)
      rack (>= 1.1.0, < 2)
    http_parser.rb (0.5.3)
    json (1.6.1)
    mongo (1.4.0)
      bson (= 1.4.0)
    multi_json (1.0.3)
    multipart-post (1.1.3)
    rack (1.3.5)
    simple_oauth (0.1.5)
    tweetstream (1.1.3)
      daemons (~> 1.1.4)
      multi_json (~> 1.0.3)
      twitter-stream (~> 0.1.14)
    twitter (2.0.0)
      activesupport (~> 3.0)
      faraday (~> 0.7)
      multi_json (~> 1.0)
      simple_oauth (~> 0.1)
      twitter-text (~> 1.4)
    twitter-stream (0.1.14)
      eventmachine (>= 0.12.8)
      http_parser.rb (~> 0.5.1)
      simple_oauth (~> 0.1.4)
    twitter-text (1.4.13)
      activesupport

PLATFORMS
  ruby

DEPENDENCIES
  json
  mongo
  tweetstream
  twitter
